GEM
  remote: https://rubygems.org/
  specs:
    dotenv (2.8.1)
    httparty (0.21.0)
      mini_mime (>= 1.0.0)
      multi_xml (>= 0.5.2)
    mini_mime (1.1.2)
    multi_xml (0.6.0)
    rtesseract (3.1.2)
    ruby-openai (3.3.0)
      httparty (>= 0.18.1)

PLATFORMS
  ruby

DEPENDENCIES
  dotenv
  rtesseract
  ruby-openai

BUNDLED WITH
   1.17.2
