PATH
  remote: .
  specs:
    tldr-screenshot (0.1.0)
      rtesseract
      ruby-openai

GEM
  remote: https://rubygems.org/
  specs:
    dotenv (2.8.1)
    httparty (0.21.0)
      mini_mime (>= 1.0.0)
      multi_xml (>= 0.5.2)
    mini_mime (1.1.2)
    minitest (5.17.0)
    multi_xml (0.6.0)
    rake (10.5.0)
    rtesseract (3.1.2)
    ruby-openai (3.3.0)
      httparty (>= 0.18.1)

PLATFORMS
  x86_64-darwin-20

DEPENDENCIES
  bundler (~> 2.4)
  dotenv
  minitest (~> 5.0)
  rake (~> 10.0)
  rtesseract
  ruby-openai
  tldr-screenshot!

BUNDLED WITH
   2.4.7
